GEM
  remote: https://rubygems.org/
  specs:
    highline (1.6.21)
    hitch (1.0.2)
      highline (>= 1.6.2)
    homesick (1.1.0)
      thor (>= 0.14.0)
    thor (0.19.1)

PLATFORMS
  ruby

DEPENDENCIES
  hitch
  homesick
