GEM
  remote: https://rubygems.org/
  specs:
    highline (1.6.20)
    hitch (1.0.2)
      highline (>= 1.6.2)
    homesick (0.9.7)
      thor (>= 0.14.0)
    thor (0.18.1)

PLATFORMS
  ruby

DEPENDENCIES
  hitch
  homesick
