GEM
  remote: https://rubygems.org/
  specs:
    activemodel (4.2.1)
      activesupport (= 4.2.1)
      builder (~> 3.1)
    activesupport (4.2.1)
      i18n (~> 0.7)
      json (~> 1.7, >= 1.7.7)
      minitest (~> 5.1)
      thread_safe (~> 0.3, >= 0.3.4)
      tzinfo (~> 1.1)
    addressable (2.3.8)
    axiom-types (0.1.1)
      descendants_tracker (~> 0.0.4)
      ice_nine (~> 0.11.0)
      thread_safe (~> 0.3, >= 0.3.1)
    builder (3.2.2)
    coercible (1.0.0)
      descendants_tracker (~> 0.0.1)
    descendants_tracker (0.0.4)
      thread_safe (~> 0.3, >= 0.3.1)
    equalizer (0.0.11)
    excon (0.45.3)
    faraday (0.9.1)
      multipart-post (>= 1.2, < 3)
    faraday_middleware (0.9.1)
      faraday (>= 0.7.4, < 0.10)
    git (1.2.9.1)
    highline (1.7.1)
    hitch (1.0.2)
      highline (>= 1.6.2)
    homesick (1.1.2)
      thor (>= 0.14.0)
    i18n (0.7.0)
    ice_nine (0.11.1)
    json (1.8.2)
    minitest (5.6.1)
    multipart-post (2.0.0)
    rainbow (2.0.0)
    ruby-progressbar (1.7.5)
    sass (3.4.13)
    scss-lint (0.34.0)
      rainbow (~> 2.0)
      sass (~> 3.4.1)
    thor (0.19.1)
    thread_safe (0.3.5)
    thyme (0.0.14)
      ruby-progressbar
    tracker_api (0.2.9)
      activemodel
      activesupport
      addressable
      excon
      faraday (~> 0.9.0)
      faraday_middleware
      virtus
    tzinfo (1.2.2)
      thread_safe (~> 0.1)
    virtus (1.0.5)
      axiom-types (~> 0.1)
      coercible (~> 1.0)
      descendants_tracker (~> 0.0, >= 0.0.3)
      equalizer (~> 0.0, >= 0.0.9)

PLATFORMS
  ruby

DEPENDENCIES
  activesupport
  faraday (~> 0.9.0)
  git
  hitch
  homesick
  scss-lint
  thyme
  tracker_api (= 0.2.9)
