GEM
  remote: https://rubygems.org/
  specs:
    activemodel (5.0.1)
      activesupport (= 5.0.1)
    activesupport (5.0.1)
      concurrent-ruby (~> 1.0, >= 1.0.2)
      i18n (~> 0.7)
      minitest (~> 5.1)
      tzinfo (~> 1.1)
    addressable (2.5.0)
      public_suffix (~> 2.0, >= 2.0.2)
    axiom-types (0.1.1)
      descendants_tracker (~> 0.0.4)
      ice_nine (~> 0.11.0)
      thread_safe (~> 0.3, >= 0.3.1)
    coercible (1.0.0)
      descendants_tracker (~> 0.0.1)
    concurrent-ruby (1.0.4)
    descendants_tracker (0.0.4)
      thread_safe (~> 0.3, >= 0.3.1)
    equalizer (0.0.11)
    excon (0.54.0)
    faraday (0.9.2)
      multipart-post (>= 1.2, < 3)
    faraday_middleware (0.11.0.1)
      faraday (>= 0.7.4, < 1.0)
    git (1.3.0)
    highline (1.7.8)
    hitch (1.0.4)
      highline (>= 1.6.2)
    homesick (1.1.3)
      thor (>= 0.14.0)
    i18n (0.7.0)
    ice_nine (0.11.2)
    json (1.8.6)
    minitest (5.10.1)
    multipart-post (2.0.0)
    pg_query (0.9.2)
      json (~> 1.8)
    public_suffix (2.0.5)
    rake (12.0.0)
    ruby-progressbar (1.8.1)
    sass (3.4.23)
    scss_lint (0.52.0)
      rake (>= 0.9, < 13)
      sass (~> 3.4.20)
    sqlint (0.1.4)
      pg_query (~> 0.9.1)
    thor (0.19.4)
    thread_safe (0.3.5)
    thyme (0.0.15)
      ruby-progressbar (~> 1.0)
    tracker_api (0.2.9)
      activemodel
      activesupport
      addressable
      excon
      faraday (~> 0.9.0)
      faraday_middleware
      virtus
    tzinfo (1.2.2)
      thread_safe (~> 0.1)
    virtus (1.0.5)
      axiom-types (~> 0.1)
      coercible (~> 1.0)
      descendants_tracker (~> 0.0, >= 0.0.3)
      equalizer (~> 0.0, >= 0.0.9)

PLATFORMS
  ruby

DEPENDENCIES
  activesupport
  faraday (~> 0.9.0)
  git
  hitch
  homesick
  scss_lint
  sqlint
  thor
  thyme
  tracker_api (= 0.2.9)

BUNDLED WITH
   1.13.7
