GEM
  remote: https://rubygems.org/
  specs:
    highline (1.6.21)
    hitch (1.0.2)
      highline (>= 1.6.2)
    homesick (1.1.0)
      thor (>= 0.14.0)
    rainbow (2.0.0)
    sass (3.4.12)
    scss-lint (0.33.0)
      rainbow (~> 2.0)
      sass (~> 3.4.1)
    thor (0.19.1)

PLATFORMS
  ruby

DEPENDENCIES
  hitch
  homesick
  scss-lint
