GEM
  remote: https://rubygems.org/
  specs:
    activemodel (5.2.4.3)
      activesupport (= 5.2.4.3)
    activesupport (5.2.4.3)
      concurrent-ruby (~> 1.0, >= 1.0.2)
      i18n (>= 0.7, < 2)
      minitest (~> 5.1)
      tzinfo (~> 1.1)
    addressable (2.6.0)
      public_suffix (>= 2.0.2, < 4.0)
    axiom-types (0.1.1)
      descendants_tracker (~> 0.0.4)
      ice_nine (~> 0.11.0)
      thread_safe (~> 0.3, >= 0.3.1)
    coercible (1.0.0)
      descendants_tracker (~> 0.0.1)
    concurrent-ruby (1.1.6)
    descendants_tracker (0.0.4)
      thread_safe (~> 0.3, >= 0.3.1)
    equalizer (0.0.11)
    excon (0.71.1)
    faraday (0.9.2)
      multipart-post (>= 1.2, < 3)
    faraday_middleware (0.13.1)
      faraday (>= 0.7.4, < 1.0)
    git (1.5.0)
    highline (2.0.1)
    hitch (1.0.4)
      highline (>= 1.6.2)
    homesick (1.1.6)
      thor (>= 0.14.0)
    i18n (1.8.2)
      concurrent-ruby (~> 1.0)
    ice_nine (0.11.2)
    minitest (5.14.1)
    multipart-post (2.0.0)
    pg_query (1.1.0)
    public_suffix (3.0.3)
    ruby-progressbar (1.10.0)
    sqlint (0.1.9)
      pg_query (~> 1)
    thor (0.20.3)
    thread_safe (0.3.6)
    thyme (0.0.15)
      ruby-progressbar (~> 1.0)
    tracker_api (0.2.9)
      activemodel
      activesupport
      addressable
      excon
      faraday (~> 0.9.0)
      faraday_middleware
      virtus
    tzinfo (1.2.7)
      thread_safe (~> 0.1)
    virtus (1.0.5)
      axiom-types (~> 0.1)
      coercible (~> 1.0)
      descendants_tracker (~> 0.0, >= 0.0.3)
      equalizer (~> 0.0, >= 0.0.9)

PLATFORMS
  ruby

DEPENDENCIES
  activesupport
  faraday (~> 0.9.0)
  git
  hitch
  homesick
  sqlint
  thor
  thyme
  tracker_api (= 0.2.9)

BUNDLED WITH
   2.1.1
